GIT
  remote: https://github.com/CocoaPods/VersionKit.git
  revision: e8015ffb2ed8dd7e77452fccb3915989d4ba57e8
  branch: master
  specs:
    version_kit (0.0.1)

PATH
  remote: .
  specs:
    xcode_manager (0.1.0.pre.dev)
      shenzhen (~> 0.10)

GEM
  remote: https://rubygems.org/
  specs:
    aws-sdk (1.59.1)
      aws-sdk-v1 (= 1.59.1)
    aws-sdk-v1 (1.59.1)
      json (~> 1.4)
      nokogiri (>= 1.4.4)
    commander (4.2.1)
      highline (~> 1.6.11)
    dotenv (0.11.1)
      dotenv-deployment (~> 0.0.2)
    dotenv-deployment (0.0.2)
    faraday (0.8.9)
      multipart-post (~> 1.2.0)
    faraday_middleware (0.9.1)
      faraday (>= 0.7.4, < 0.10)
    highline (1.6.21)
    json (1.8.1)
    mini_portile (0.6.1)
    multipart-post (1.2.0)
    net-sftp (2.1.2)
      net-ssh (>= 2.6.5)
    net-ssh (2.9.1)
    nokogiri (1.6.5)
      mini_portile (~> 0.6.0)
    plist (3.1.0)
    rake (10.4.2)
    rubyzip (1.1.6)
    security (0.1.3)
    shenzhen (0.10.2)
      aws-sdk (~> 1.0)
      commander (~> 4.1)
      dotenv (~> 0.7)
      faraday (~> 0.8.9)
      faraday_middleware (~> 0.9)
      json (~> 1.8)
      net-sftp (~> 2.1.2)
      plist (~> 3.1.0)
      rubyzip (~> 1.1)
      security (~> 0.1.3)
      terminal-table (~> 1.4.5)
    terminal-table (1.4.5)

PLATFORMS
  ruby

DEPENDENCIES
  bundler
  rake
  version_kit!
  xcode_manager!
